GIT
  remote: git://github.com/mhartl/catch_cookie_exception.git
  revision: a107a2d17c53ed8b82aae53dd4aecc5c399ab981
  specs:
    catch_cookie_exception (1.0)

GIT
  remote: git://github.com/sanger/acts-as-dag.git
  revision: 346d8331a7cc9f65b3a3100f3bcdf3c0e923db2b
  branch: 38792421_add_dependent_destroy_to_links
  specs:
    acts-as-dag (1.1.3)

GIT
  remote: git://github.com/sanger/alter_table.git
  revision: f9df7521d958926be1945822d20ce941992e3383
  specs:
    alter_table (0.0.1)
      rails (~> 2.3.11)

GIT
  remote: git://github.com/sanger/irods_reader.git
  revision: 14db88aa7783118d2d4a8351c5028d07e6ee5644
  specs:
    irods_reader (0.0.2)

GIT
  remote: git://github.com/sanger/psd_logger.git
  revision: dd2d634114df75b1d8535715c169a7fc99521389
  specs:
    psd_logger (0.1.6)

GIT
  remote: git://github.com/sanger/ruby_walk.git
  revision: 6e86c0413ab508933de899d7a3c6bc3b415e2acb
  specs:
    ruby_walk (0.0.3)

GIT
  remote: git://github.com/sanger/sanger_barcode.git
  revision: 12b359c216b0fa35208eca94da353ae22b1a4784
  branch: ruby-1.8
  specs:
    sanger_barcode (0.1.1)

GEM
  remote: https://rubygems.org/
  specs:
    Platform (0.4.0)
    aasm (2.4.0)
      activerecord
    actionmailer (2.3.18)
      actionpack (= 2.3.18)
    actionpack (2.3.18)
      activesupport (= 2.3.18)
      rack (~> 1.1.0)
    activerecord (2.3.18)
      activesupport (= 2.3.18)
    activerecord-jdbc-adapter (1.2.9)
    activerecord-oracle_enhanced-adapter (1.2.3)
      activerecord (>= 2.0.0)
    activeresource (2.3.18)
      activesupport (= 2.3.18)
    activesupport (2.3.18)
    addressable (2.2.8)
    aws-s3 (0.6.3)
      builder
      mime-types
      xml-simple
    bouncy-castle-java (1.5.0146.1)
    builder (3.0.0)
    bullet (4.5.0)
      uniform_notifier
    bunny (0.7.9)
    cancan (1.6.8)
    capybara (1.1.4)
      mime-types (>= 1.16)
      nokogiri (>= 1.3.3)
      rack (>= 1.0.0)
      rack-test (>= 0.5.4)
      selenium-webdriver (~> 2.0)
      xpath (~> 0.1.4)
    carrierwave (0.4.10)
    cgi_multipart_eof_fix (2.5.0)
    childprocess (0.5.6)
      ffi (~> 1.0, >= 1.0.11)
    columnize (0.3.6)
    configatron (2.9.1)
      yamler (>= 0.1.0)
    cucumber (1.2.1)
      builder (>= 2.1.2)
      diff-lcs (>= 1.1.3)
      gherkin (~> 2.11.0)
      json (>= 1.4.6)
    cucumber-rails (0.3.2)
      cucumber (>= 0.8.0)
    daemons (1.0.10)
    database_cleaner (0.8.0)
    delayed_job (2.0.7)
      activesupport (~> 2.0)
      daemons (= 1.0.10)
    diff-lcs (1.1.3)
    eventmachine (1.0.7)
    eventmachine (1.0.7-java)
    factory_girl (1.3.3)
    fastercsv (1.4.0)
    fastthread (1.0.7)
    faye-websocket (0.4.7)
      eventmachine (>= 0.12.0)
    faye-websocket (0.4.7-java)
      eventmachine (>= 0.12.0)
    ffi (1.0.11)
    ffi (1.0.11-java)
    flay (1.4.3)
      ruby_parser (~> 2.0)
      sexp_processor (~> 3.0)
    flog (2.5.3)
      ruby_parser (~> 2.0)
      sexp_processor (~> 3.0)
    formtastic (1.2.5)
      i18n (~> 0.4.0)
    gem_plugin (0.2.3)
    gherkin (2.11.5)
      json (>= 1.4.6)
    gherkin (2.11.5-java)
      json (>= 1.4.6)
    gmetric (0.1.3)
    hoe (3.4.0)
      rake (>= 0.8, < 11.0)
    http_parser.rb (0.5.3)
    http_parser.rb (0.5.3-java)
    i18n (0.4.2)
    jdbc-mysql (5.1.30)
    jrjackson (0.2.7)
    jruby-openssl (0.7.7)
      bouncy-castle-java (>= 1.5.0146.1)
    jruby-rack (1.1.18)
    json (1.8.1)
    json (1.8.1-java)
    launchy (2.1.0)
      addressable (~> 2.2.6)
    launchy (2.1.0-java)
      addressable (~> 2.2.6)
      ffi (~> 1.0.9)
      spoon (~> 0.0.1)
    linecache (0.46)
      rbx-require-relative (> 0.0.4)
    metaclass (0.0.1)
    mime-types (1.25.1)
    mini_portile (0.6.2)
    minitest (1.7.2)
    mocha (0.12.0)
      metaclass (~> 0.0.1)
    mongrel (1.1.5)
      cgi_multipart_eof_fix (>= 2.4)
      daemons (>= 1.0.3)
      fastthread (>= 1.0.1)
      gem_plugin (>= 0.2.3)
    mongrel_cluster (1.0.5)
      gem_plugin (>= 0.2.3)
      mongrel (>= 1.0.2)
    multi_json (1.11.0)
    mysql (2.8.1)
    net-ldap (0.3.1)
    nokogiri (1.6.6.2)
      mini_portile (~> 0.6.0)
    nokogiri (1.6.6.2-java)
    parallel (0.5.17)
    parallel_tests (0.8.4)
      parallel
    poltergeist (1.0.3)
      capybara (~> 1.1)
      childprocess (~> 0.3)
      faye-websocket (~> 0.4.4)
      http_parser.rb (~> 0.5.3)
      multi_json (~> 1.0)
    polyglot (0.3.1)
    rack (1.1.6)
    rack-acceptable (0.1.0)
      rack (>= 1.1.0)
    rack-test (0.6.3)
      rack (>= 1.0)
    rails (2.3.18)
      actionmailer (= 2.3.18)
      actionpack (= 2.3.18)
      activerecord (= 2.3.18)
      activeresource (= 2.3.18)
      activesupport (= 2.3.18)
      rake (>= 0.8.3)
    rake (10.3.2)
    rbx-require-relative (0.0.9)
    rcov (0.9.9)
    rdoc (2.4.3)
      hoe (>= 1.12.1)
      minitest (~> 1.3)
    rest-client (1.6.7)
      mime-types (>= 1.16)
    rgl (0.4.0)
      rake
      stream (>= 0.5)
    roodi (2.1.0)
      ruby_parser
    ruby-debug (0.10.4)
      columnize (>= 0.1)
      ruby-debug-base (~> 0.10.4.0)
    ruby-debug-base (0.10.4)
      linecache (>= 0.3)
    ruby-debug-base (0.10.4-java)
    ruby-oci8 (1.0.7)
    ruby-ole (1.2.11.1)
    ruby_parser (2.0.6)
      sexp_processor (~> 3.0)
    rubyzip (0.9.9)
    selenium-webdriver (2.35.1)
      childprocess (>= 0.2.5)
      multi_json (~> 1.0)
      rubyzip (< 1.0.0)
      websocket (~> 1.0.4)
    sexp_processor (3.0.5)
    shoulda (2.10.3)
    sinatra (1.1.4)
      rack (~> 1.1)
      tilt (>= 1.2.2, < 2.0)
    spoon (0.0.1)
    spreadsheet (0.6.5.4)
      ruby-ole (>= 1.0)
    stream (0.5)
    tilt (1.3)
    timecop (0.3.5)
    timocratic-test_benchmark (0.4.3)
    treetop (1.2.6)
      polyglot (>= 0.2.5)
    trinidad (1.4.6)
      jruby-rack (~> 1.1.13)
      trinidad_jars (>= 1.3.0, < 1.5.0)
    trinidad_daemon_extension (0.3.1)
      trinidad_jars (>= 1.0.0)
    trinidad_jars (1.4.0)
    uniform_notifier (1.7.0)
    utility_belt (1.1.0)
      Platform (>= 0.4.0)
      aws-s3 (>= 0.4.0)
      wirble (>= 0.1.2)
    uuidtools (2.1.2)
    websocket (1.0.7)
    will_paginate (2.3.15)
    wirble (0.1.3)
    xml-simple (1.0.15)
    xpath (0.1.4)
      nokogiri (~> 1.3)
    yamler (0.1.0)

PLATFORMS
  java
  ruby

DEPENDENCIES
  aasm (~> 2.4.0)
  activerecord-jdbc-adapter (>= 1.2.6)
  activerecord-oracle_enhanced-adapter (= 1.2.3)
  acts-as-dag!
  alter_table!
  bullet (<= 4.5.0)
  bunny
  cancan
  capybara (< 2)
  carrierwave (~> 0.4.0)
  catch_cookie_exception!
  configatron
  cucumber (~> 1.2.1)
  cucumber-rails (~> 0.3.2)
  database_cleaner
  delayed_job (~> 2.0.4)
  factory_girl (~> 1.3.1)
  fastercsv (~> 1.4.0)
  flay
  flog
  formtastic (~> 1.2.0)
  gmetric (~> 0.1.3)
  irods_reader (>= 0.0.2)!
  jdbc-mysql
  jrjackson
  jruby-openssl
  json
  launchy
  mime-types (< 2)
  mocha
  mongrel_cluster
  multi_json
  mysql
  net-ldap
  nokogiri
  parallel_tests
  poltergeist (= 1.0.3)
  psd_logger!
  rack-acceptable
  rails (~> 2.3)
  rcov
  rdoc (~> 2.4.2)
  rest-client
  rgl
  roodi
  ruby-debug
  ruby-oci8 (= 1.0.7)
  ruby_walk (>= 0.0.3)!
  rubyzip (~> 0.9)
  sanger_barcode (~> 0.1.1)!
  shoulda (~> 2.10.0)
  sinatra (~> 1.1.0)
  spoon
  spreadsheet
  timecop
  timocratic-test_benchmark
  treetop (~> 1.2.5)
  trinidad
  trinidad_daemon_extension
  utility_belt
  uuidtools
  will_paginate (~> 2.3.15)
